GEM
  remote: https://rubygems.org/
  specs:
    hike (1.2.1)
    multi_json (1.3.6)
    rack (1.4.1)
    sass (3.1.19)
    sprockets (2.4.3)
      hike (~> 1.2)
      multi_json (~> 1.0)
      rack (~> 1.0)
      tilt (~> 1.1, != 1.3.0)
    tilt (1.3.3)

PLATFORMS
  ruby

DEPENDENCIES
  rack
  sass
  sprockets
